GEM
  remote: https://rubygems.org/
  specs:
    addressable (2.5.0)
      public_suffix (~> 2.0, >= 2.0.2)
    crack (0.4.3)
      safe_yaml (~> 1.0.0)
    hashdiff (0.3.2)
    minitest (5.10.1)
    public_suffix (2.0.5)
    safe_yaml (1.0.4)
    vcr (3.0.3)
    webmock (2.3.2)
      addressable (>= 2.3.6)
      crack (>= 0.3.2)
      hashdiff

PLATFORMS
  ruby

DEPENDENCIES
  minitest
  vcr
  webmock

BUNDLED WITH
   1.14.3
